GEM
  remote: https://rubygems.org/
  specs:
    activemodel (7.0.2.3)
      activesupport (= 7.0.2.3)
    activerecord (7.0.2.3)
      activemodel (= 7.0.2.3)
      activesupport (= 7.0.2.3)
    activesupport (7.0.2.3)
      concurrent-ruby (~> 1.0, >= 1.0.2)
      i18n (>= 1.6, < 2)
      minitest (>= 5.1)
      tzinfo (~> 2.0)
    colorize (0.8.1)
    concurrent-ruby (1.1.10)
    i18n (1.10.0)
      concurrent-ruby (~> 1.0)
    minitest (5.15.0)
    mustermann (1.1.1)
      ruby2_keywords (~> 0.0.1)
    nio4r (2.5.7)
    nokogiri (1.11.3-x86_64-linux)
      racc (~> 1.4)
    pg (1.3.5)
    puma (5.2.2)
      nio4r (~> 2.0)
    racc (1.5.2)
    rack (2.2.3)
    rack-protection (2.2.0)
      rack
    ruby2_keywords (0.0.5)
    sinatra (2.2.0)
      mustermann (~> 1.0)
      rack (~> 2.2)
      rack-protection (= 2.2.0)
      tilt (~> 2.0)
    tilt (2.0.10)
    tzinfo (2.0.4)
      concurrent-ruby (~> 1.0)

PLATFORMS
  x86_64-linux

DEPENDENCIES
  activerecord
  colorize
  nokogiri
  pg
  puma
  sinatra

BUNDLED WITH
   2.2.4
